GEM
  remote: http://rubygems.org/
  specs:
    bacon (1.1.0)
    builder (3.0.0)
    cucumber (1.1.4)
      builder (>= 2.1.2)
      diff-lcs (>= 1.1.2)
      gherkin (~> 2.7.1)
      json (>= 1.4.6)
      term-ansicolor (>= 1.0.6)
    diff-lcs (1.1.3)
    eventmachine (0.12.10)
    freeswitcher (0.7.1)
      eventmachine
    gherkin (2.7.6)
      json (>= 1.4.6)
    gist (2.0.4)
    json (1.6.5)
    log4r (1.1.10)
    nokogiri (1.5.0)
    rack (1.4.1)
    rack-test (0.6.1)
      rack (>= 1.0)
    rake (0.9.2.2)
    rspec (2.8.0)
      rspec-core (~> 2.8.0)
      rspec-expectations (~> 2.8.0)
      rspec-mocks (~> 2.8.0)
    rspec-core (2.8.0)
    rspec-expectations (2.8.0)
      diff-lcs (~> 1.1.2)
    rspec-mocks (2.8.0)
    term-ansicolor (1.0.7)
    webrat (0.7.3)
      nokogiri (>= 1.2.0)
      rack (>= 1.0)
      rack-test (>= 0.5.3)

PLATFORMS
  ruby

DEPENDENCIES
  bacon
  builder
  cucumber
  diff-lcs
  eventmachine
  freeswitcher
  gherkin
  gist
  json
  log4r
  nokogiri
  rack
  rack-test
  rake
  rspec
  rspec-core
  rspec-expectations
  rspec-mocks
  term-ansicolor
  webrat
