GEM
  remote: http://rubygems.org/
  specs:
    ZenTest (4.6.2)
    archive-tar-minitar (0.5.2)
    autotest (4.4.6)
      ZenTest (>= 4.4.1)
    binding_of_caller (0.6.7)
    builder (3.0.0)
    coderay (1.0.5)
    columnize (0.3.6)
    cucumber (1.1.9)
      builder (>= 2.1.2)
      diff-lcs (>= 1.1.2)
      gherkin (~> 2.9.0)
      json (>= 1.4.6)
      term-ansicolor (>= 1.0.6)
    diff-lcs (1.1.3)
    eventmachine (0.12.10)
    eventmachine (0.12.10-java)
    freeswitcher (0.7.1)
      eventmachine
    gherkin (2.9.0)
      json (>= 1.4.6)
    gherkin (2.9.0-java)
      json (>= 1.4.6)
    gist (2.0.4)
    json (1.6.5)
    json (1.6.5-java)
    linecache19 (0.5.12)
      ruby_core_source (>= 0.1.4)
    log4r (1.1.10)
    method_source (0.7.1)
    nokogiri (1.5.0)
    nokogiri (1.5.0-java)
    plymouth (0.3.2)
      pry-exception_explorer (>= 0.1.7)
    pry (0.9.8.4)
      coderay (~> 1.0.5)
      method_source (~> 0.7.1)
      slop (>= 2.4.4, < 3)
    pry (0.9.8.4-java)
      coderay (~> 1.0.5)
      method_source (~> 0.7.1)
      slop (>= 2.4.4, < 3)
      spoon (~> 0.0)
    pry-doc (0.4.1)
      pry (>= 0.9.0)
      yard (~> 0.7.4)
    pry-exception_explorer (0.1.9)
      pry-stack_explorer (>= 0.3.9)
    pry-nav (0.1.0)
      pry (~> 0.9.8.1)
    pry-stack_explorer (0.4.1)
      binding_of_caller (~> 0.6.2)
      pry (~> 0.9.8.2)
    pry_debug (0.0.1)
      pry (~> 0.9.0)
    rack (1.4.1)
    rack-test (0.6.1)
      rack (>= 1.0)
    rake (0.9.2.2)
    rspec (2.8.0)
      rspec-core (~> 2.8.0)
      rspec-expectations (~> 2.8.0)
      rspec-mocks (~> 2.8.0)
    rspec-core (2.8.0)
    rspec-expectations (2.8.0)
      diff-lcs (~> 1.1.2)
    rspec-mocks (2.8.0)
    ruby-debug-base19 (0.11.25)
      columnize (>= 0.3.1)
      linecache19 (>= 0.5.11)
      ruby_core_source (>= 0.1.4)
    ruby-debug-ide19 (0.4.12)
      ruby-debug-base19 (~> 0.11.20)
    ruby-debug-pry (0.0.3)
      pry (>= 0.8.3)
    ruby-debug19 (0.11.6)
      columnize (>= 0.3.1)
      linecache19 (>= 0.5.11)
      ruby-debug-base19 (>= 0.11.19)
    ruby_core_source (0.1.5)
      archive-tar-minitar (>= 0.5.2)
    slop (2.4.4)
    spoon (0.0.1)
    term-ansicolor (1.0.7)
    webrat (0.7.3)
      nokogiri (>= 1.2.0)
      rack (>= 1.0)
      rack-test (>= 0.5.3)
    yard (0.7.5)

PLATFORMS
  java
  ruby

DEPENDENCIES
  ZenTest
  autotest
  builder
  cucumber
  diff-lcs
  eventmachine
  freeswitcher
  gherkin
  gist
  json
  log4r
  nokogiri
  plymouth
  pry
  pry-doc
  pry-exception_explorer
  pry-nav
  pry-stack_explorer
  pry_debug
  rack
  rack-test
  rake
  rspec
  rspec-core
  rspec-expectations
  rspec-mocks
  ruby-debug-ide19
  ruby-debug-pry
  ruby-debug19
  term-ansicolor
  webrat
